GEM
  remote: https://rubygems.org/
  specs:
    addressable (2.2.8)
    awesome_print (1.6.1)
    byebug (3.5.1)
      columnize (~> 0.8)
      debugger-linecache (~> 1.2)
      slop (~> 3.6)
    coderay (1.1.0)
    columnize (0.9.0)
    dailymile-ruby (0.2.0)
      faraday (~> 0.5.7)
      json_pure
      oauth2 (= 0.1.1)
    debugger-linecache (1.2.0)
    faraday (0.5.7)
      addressable (~> 2.2.4)
      multipart-post (~> 1.1.0)
      rack (>= 1.1.0, < 2)
      rack (>= 1.1.0, < 2)
    json_pure (1.8.2)
    method_source (0.8.2)
    multi_json (0.0.5)
    multipart-post (1.1.5)
    oauth2 (0.1.1)
      faraday (~> 0.5.0)
      multi_json (~> 0.0.4)
    pry (0.10.1)
      coderay (~> 1.1.0)
      method_source (~> 0.8.1)
      slop (~> 3.4)
    pry-byebug (2.0.0)
      byebug (~> 3.4)
      pry (~> 0.10)
    rack (1.6.0)
    slop (3.6.0)
    thor (0.19.1)

PLATFORMS
  ruby

DEPENDENCIES
  awesome_print
  dailymile-ruby
  pry
  pry-byebug
  thor
